GEM
  remote: https://rubygems.org/
  specs:
    aws-sigv4 (1.0.2)
    diff-lcs (1.3)
    rake (12.3.1)
    rspec (3.7.0)
      rspec-core (~> 3.7.0)
      rspec-expectations (~> 3.7.0)
      rspec-mocks (~> 3.7.0)
    rspec-core (3.7.1)
      rspec-support (~> 3.7.0)
    rspec-expectations (3.7.0)
      diff-lcs (>= 1.2.0, < 2.0)
      rspec-support (~> 3.7.0)
    rspec-mocks (3.7.0)
      diff-lcs (>= 1.2.0, < 2.0)
      rspec-support (~> 3.7.0)
    rspec-support (3.7.1)
    vault (0.11.0)
      aws-sigv4

PLATFORMS
  ruby

DEPENDENCIES
  rake
  rspec
  vault (~> 0.11)

RUBY VERSION
   ruby 2.3.4p301

BUNDLED WITH
   1.16.2
